PATH
  remote: .
  specs:
    Lensman (0.1.0)
      faraday (~> 0.15.1)

GEM
  remote: https://rubygems.org/
  specs:
    faraday (0.15.1)
      multipart-post (>= 1.2, < 3)
    multipart-post (2.0.0)
    rake (10.5.0)

PLATFORMS
  ruby

DEPENDENCIES
  Lensman!
  bundler (~> 1.16)
  rake (~> 10.0)

BUNDLED WITH
   1.16.1
